ObjectType = Image
NDims = 3
BinaryData = True
BinaryDataByteOrderMSB = False
CompressedData = False
TransformMatrix = 1 0 0 0 1 0 0 0 1
Offset = -189.800003 -180 -257.75
CenterOfRotation = 0 0 0
AnatomicalOrientation = RAI
ElementSpacing = 0.703125 0.703125 1.25
DimSize = 512 512 197
ElementType = MET_SHORT
ElementDataFile = 1.3.6.1.4.1.14519.5.2.1.6279.6001.975426625618184773401026809852.raw
